GEM
  remote: https://rubygems.org/
  specs:
    rack (2.2.3)

PLATFORMS
  arm64-darwin-21

DEPENDENCIES
  rack

BUNDLED WITH
   2.3.7
